PATH
  remote: .
  specs:
    review-retrovert (0.1.0)
      review
      thor

GEM
  remote: https://rubygems.org/
  specs:
    diff-lcs (1.3)
    image_size (2.0.2)
    rake (12.3.3)
    review (4.1.0)
      image_size
      rouge
      rubyzip
    rouge (3.18.0)
    rspec (3.9.0)
      rspec-core (~> 3.9.0)
      rspec-expectations (~> 3.9.0)
      rspec-mocks (~> 3.9.0)
    rspec-core (3.9.1)
      rspec-support (~> 3.9.1)
    rspec-expectations (3.9.1)
      diff-lcs (>= 1.2.0, < 2.0)
      rspec-support (~> 3.9.0)
    rspec-mocks (3.9.1)
      diff-lcs (>= 1.2.0, < 2.0)
      rspec-support (~> 3.9.0)
    rspec-support (3.9.2)
    rubyzip (2.3.0)
    thor (1.0.1)

PLATFORMS
  ruby

DEPENDENCIES
  rake (~> 12.0)
  review-retrovert!
  rspec (~> 3.0)

BUNDLED WITH
   2.1.4
